GIT
  remote: https://github.com/asciidoctor/asciidoctor-tabs.git
  revision: d5ee94b5253f4db75e6646f46511676af0be2cc3
  specs:
    asciidoctor-tabs (1.0.0.beta.3)
      asciidoctor (>= 2.0.0, < 3.0.0)

PATH
  remote: gems
  specs:
    asciidoctor-foodogsquared-extensions (1.0.0)
      asciidoctor (~> 2.0)

GEM
  remote: https://rubygems.org/
  specs:
    asciidoctor (2.0.18)
    asciidoctor-html5s (0.5.1)
      asciidoctor (>= 1.5.7, < 3.0)
      thread_safe (~> 0.3.4)
    asciidoctor-rouge (0.4.0)
      asciidoctor (>= 1.5.6, < 2.1)
      rouge (>= 2.2, < 4)
    ast (2.4.2)
    json (2.6.3)
    language_server-protocol (3.17.0.3)
    parallel (1.22.1)
    parser (3.2.1.0)
      ast (~> 2.4.1)
    prettier_print (1.2.0)
    rainbow (3.1.1)
    regexp_parser (2.7.0)
    rexml (3.2.5)
    rouge (3.30.0)
    rubocop (1.48.0)
      json (~> 2.3)
      parallel (~> 1.10)
      parser (>= 3.2.0.0)
      rainbow (>= 2.2.2, < 4.0)
      regexp_parser (>= 1.8, < 3.0)
      rexml (>= 3.2.5, < 4.0)
      rubocop-ast (>= 1.26.0, < 2.0)
      ruby-progressbar (~> 1.7)
      unicode-display_width (>= 2.4.0, < 3.0)
    rubocop-ast (1.27.0)
      parser (>= 3.2.1.0)
    ruby-lsp (0.4.1)
      language_server-protocol (~> 3.17.0)
      sorbet-runtime
      syntax_tree (>= 6, < 7)
    ruby-progressbar (1.13.0)
    sorbet-runtime (0.5.10693)
    syntax_tree (6.0.1)
      prettier_print (>= 1.2.0)
    thread_safe (0.3.6)
    unicode-display_width (2.4.2)

PLATFORMS
  x86_64-linux

DEPENDENCIES
  asciidoctor
  asciidoctor-foodogsquared-extensions!
  asciidoctor-html5s
  asciidoctor-rouge
  asciidoctor-tabs!
  rouge
  rubocop
  ruby-lsp

BUNDLED WITH
   2.4.6
