GIT
  remote: https://github.com/asciidoctor/asciidoctor-tabs.git
  revision: d5ee94b5253f4db75e6646f46511676af0be2cc3
  specs:
    asciidoctor-tabs (1.0.0.beta.3)
      asciidoctor (>= 2.0.0, < 3.0.0)

PATH
  remote: gems
  specs:
    asciidoctor-foodogsquared-extensions (1.0.0)
      asciidoctor (~> 2.0)

GEM
  remote: https://rubygems.org/
  specs:
    asciidoctor (2.0.18)
    asciidoctor-bibtex (0.8.0)
      asciidoctor (~> 2.0)
      bibtex-ruby (~> 5.1)
      citeproc-ruby (~> 1)
      csl-styles (~> 1)
      latex-decode (~> 0.2)
    asciidoctor-html5s (0.5.1)
      asciidoctor (>= 1.5.7, < 3.0)
      thread_safe (~> 0.3.4)
    asciidoctor-rouge (0.4.0)
      asciidoctor (>= 1.5.6, < 2.1)
      rouge (>= 2.2, < 4)
    ast (2.4.2)
    bibtex-ruby (5.1.6)
      latex-decode (~> 0.0)
    citeproc (1.0.10)
      namae (~> 1.0)
    citeproc-ruby (1.1.14)
      citeproc (~> 1.0, >= 1.0.9)
      csl (~> 1.6)
    concurrent-ruby (1.2.2)
    csl (1.6.0)
      namae (~> 1.0)
      rexml
    csl-styles (1.0.1.11)
      csl (~> 1.0)
    json (2.6.3)
    language_server-protocol (3.17.0.3)
    latex-decode (0.4.0)
    namae (1.1.1)
    open-uri-cached (1.0.0)
    parallel (1.22.1)
    parser (3.2.1.0)
      ast (~> 2.4.1)
    prettier_print (1.2.0)
    rainbow (3.1.1)
    rake (13.0.6)
    regexp_parser (2.7.0)
    rexml (3.2.5)
    rouge (3.30.0)
    rubocop (1.48.0)
      json (~> 2.3)
      parallel (~> 1.10)
      parser (>= 3.2.0.0)
      rainbow (>= 2.2.2, < 4.0)
      regexp_parser (>= 1.8, < 3.0)
      rexml (>= 3.2.5, < 4.0)
      rubocop-ast (>= 1.26.0, < 2.0)
      ruby-progressbar (~> 1.7)
      unicode-display_width (>= 2.4.0, < 3.0)
    rubocop-ast (1.27.0)
      parser (>= 3.2.1.0)
    ruby-lsp (0.4.1)
      language_server-protocol (~> 3.17.0)
      sorbet-runtime
      syntax_tree (>= 6, < 7)
    ruby-progressbar (1.13.0)
    rugged (1.6.3)
    slim (5.1.0)
      temple (~> 0.10.0)
      tilt (>= 2.0.6, < 2.2)
    sorbet-runtime (0.5.10693)
    syntax_tree (6.0.1)
      prettier_print (>= 1.2.0)
    temple (0.10.0)
    thread_safe (0.3.6)
    tilt (2.1.0)
    unicode-display_width (2.4.2)

PLATFORMS
  x86_64-linux

DEPENDENCIES
  asciidoctor
  asciidoctor-bibtex
  asciidoctor-foodogsquared-extensions!
  asciidoctor-html5s
  asciidoctor-rouge
  asciidoctor-tabs!
  concurrent-ruby
  open-uri-cached
  rake
  rouge
  rubocop
  ruby-lsp
  rugged
  slim
  tilt

BUNDLED WITH
   2.4.6
