PATH
  remote: gems
  specs:
    asciidoctor-foodogsquared-extensions (1.0.0)
      asciidoctor (~> 2.0)

GEM
  remote: https://rubygems.org/
  specs:
    asciidoctor (2.0.18)
    asciidoctor-html5s (0.5.1)
      asciidoctor (>= 1.5.7, < 3.0)
      thread_safe (~> 0.3.4)
    asciidoctor-rouge (0.4.0)
      asciidoctor (>= 1.5.6, < 2.1)
      rouge (>= 2.2, < 4)
    rouge (3.30.0)
    thread_safe (0.3.6)

PLATFORMS
  x86_64-linux

DEPENDENCIES
  asciidoctor
  asciidoctor-foodogsquared-extensions!
  asciidoctor-html5s
  asciidoctor-rouge
  rouge

BUNDLED WITH
   2.4.6
